GEM
  specs:
    radiant-tags-extension (1.6.1)

PLATFORMS
  ruby

DEPENDENCIES
  radiant-tags-extension (~> 1.6.1)
